GEM
  remote: https://rubygems.org/
  specs:
    diffy (3.0.6)

PLATFORMS
  ruby

DEPENDENCIES
  diffy
